GEM
  remote: https://rubygems.org/
  specs:
    rack (1.6.4)
    shotgun (0.9.1)
      rack (>= 1.0)
    sinatra (1.1.0)
      rack (~> 1.1)
      tilt (~> 1.1)
    tilt (1.4.1)

PLATFORMS
  ruby

DEPENDENCIES
  shotgun (~> 0.9.1)
  sinatra (= 1.1.0)

BUNDLED WITH
   1.10.6
